PATH
  remote: .
  specs:
    simple_state_machine (1.5.0)

GEM
  remote: http://rubygems.org/
  specs:
    ZenTest (4.4.2)
    activerecord (2.3.10)
      activesupport (= 2.3.10)
    activesupport (2.3.10)
    diff-lcs (1.1.2)
    rake (0.8.7)
    rspec (2.5.0)
      rspec-core (~> 2.5.0)
      rspec-expectations (~> 2.5.0)
      rspec-mocks (~> 2.5.0)
    rspec-core (2.5.1)
    rspec-expectations (2.5.0)
      diff-lcs (~> 1.1.2)
    rspec-mocks (2.5.0)
    sqlite3-ruby (1.3.1)

PLATFORMS
  ruby

DEPENDENCIES
  ZenTest
  activerecord (~> 2.3.5)
  rake
  rspec
  simple_state_machine!
  sqlite3-ruby
