GEM
  remote: http://rubygems.org/
  specs:
    ZenTest (4.4.2)
    activerecord (2.3.10)
      activesupport (= 2.3.10)
    activesupport (2.3.10)
    diff-lcs (1.1.2)
    rspec (2.0.1)
      rspec-core (~> 2.0.1)
      rspec-expectations (~> 2.0.1)
      rspec-mocks (~> 2.0.1)
    rspec-core (2.0.1)
    rspec-expectations (2.0.1)
      diff-lcs (>= 1.1.2)
    rspec-mocks (2.0.1)
      rspec-core (~> 2.0.1)
      rspec-expectations (~> 2.0.1)
    sqlite3-ruby (1.3.1)

PLATFORMS
  ruby

DEPENDENCIES
  ZenTest
  activerecord (~> 2.3.5)
  rspec
  sqlite3-ruby
